GEM
  remote: https://rubygems.org/
  specs:
    POpen4 (0.1.4)
      Platform (>= 0.4.0)
      open4
    Platform (0.4.0)
    closure-compiler (1.1.6)
    coffee-script (2.2.0)
      coffee-script-source
      execjs
    coffee-script-source (1.3.3)
    commonjs (0.2.6)
    execjs (1.4.0)
      multi_json (~> 1.0)
    fspath (2.0.4)
    hike (1.2.1)
    image_optim (0.4.2)
      fspath (~> 2.0.3)
      image_size (~> 1.1)
      in_threads (~> 1.1.1)
      progress (~> 2.4.0)
    image_size (1.1.0)
    in_threads (1.1.1)
    less (2.2.1)
      commonjs (~> 0.2.6)
    libv8 (3.3.10.4)
    multi_json (1.3.6)
    open4 (1.3.0)
    progress (2.4.0)
    rack (1.4.1)
    skim (0.8.2)
      coffee-script
      coffee-script-source (>= 1.2.0)
      multi_json
      slim (~> 1.2.0)
      sprockets
      temple (~> 0.4.0)
    slim (1.2.1)
      temple (~> 0.4.0)
      tilt (~> 1.3.3)
    sprockets (2.1.2)
      hike (~> 1.2)
      rack (~> 1.0)
      tilt (~> 1.1, != 1.3.0)
    temple (0.4.0)
    therubyracer (0.10.0)
      libv8 (~> 3.3.10)
    tilt (1.3.3)
    yui-compressor (0.9.6)
      POpen4 (>= 0.1.4)

PLATFORMS
  ruby

DEPENDENCIES
  closure-compiler (~> 1.1.6)
  coffee-script (~> 2.2.0)
  image_optim
  less (~> 2.2.1)
  skim
  sprockets
  therubyracer (~> 0.10.0)
  yui-compressor
